GEM
  remote: https://rubygems.org/
  specs:
    rack (2.2.8)
    rulers (0.0.2)
      rack (~> 2.2)
      webrick
    webrick (1.4.4)

PLATFORMS
  ruby

DEPENDENCIES
  rulers

BUNDLED WITH
   2.1.4
