PATH
  remote: ../rulers
  specs:
    rulers (0.0.3)
      rack (~> 2.2)
      webrick

GEM
  remote: https://rubygems.org/
  specs:
    rack (2.2.8)
    webrick (1.8.1)

PLATFORMS
  ruby

DEPENDENCIES
  rulers!

BUNDLED WITH
   2.1.4
